PATH
  remote: .
  specs:
    predictive_load (0.4.1)
      activerecord (>= 3.2.0, < 5.1)

GEM
  remote: https://rubygems.org/
  specs:
    activemodel (3.2.22.1)
      activesupport (= 3.2.22.1)
      builder (~> 3.0.0)
    activerecord (3.2.22.1)
      activemodel (= 3.2.22.1)
      activesupport (= 3.2.22.1)
      arel (~> 3.0.2)
      tzinfo (~> 0.3.29)
    activesupport (3.2.22.1)
      i18n (~> 0.6, >= 0.6.4)
      multi_json (~> 1.0)
    arel (3.0.3)
    builder (3.0.4)
    bump (0.5.3)
    byebug (8.2.2)
    i18n (0.7.0)
    minitest (4.7.5)
    minitest-rg (1.1.1)
      minitest (< 5.0)
    multi_json (1.11.2)
    query_diet (0.6.0)
    rake (10.5.0)
    sqlite3 (1.3.11)
    test-unit-minitest (0.9.1)
      minitest (~> 4.7)
    tzinfo (0.3.46)
    wwtd (1.3.0)

PLATFORMS
  ruby

DEPENDENCIES
  activerecord (~> 3.2.22)
  bump
  byebug
  minitest
  minitest-rg
  predictive_load!
  query_diet
  rake
  sqlite3
  test-unit-minitest
  wwtd

BUNDLED WITH
   1.16.1
